GIT
  remote: https://github.com/pooza/ginseng-core.git
  revision: b7963da3b245c185f4fc6d326efb9c98aa6ece9a
  specs:
    ginseng-core (1.9.2)
      activesupport (>= 6.1.1)
      addressable
      daemon-spawn
      httparty
      json-schema
      multi_json
      nokogiri (>= 1.11.0.rc4)
      rake
      rest-client
      sanitize
      syslog-logger
      unicode
      yajl-ruby
      zeitwerk (>= 2.4.0)

GIT
  remote: https://github.com/pooza/ginseng-fediverse.git
  revision: 380b692553c9d8332efcdabc8491a58e754f2578
  specs:
    ginseng-fediverse (1.5.0)

GIT
  remote: https://github.com/pooza/ginseng-postgres.git
  revision: 70567baa263725820198f80a976415809ea7c0c3
  specs:
    ginseng-postgres (1.3.1)
      pg
      sequel

GIT
  remote: https://github.com/pooza/ginseng-web.git
  revision: e654386d94ba2e7015622848bab13565fd63c938
  specs:
    ginseng-web (1.3.2)
      puma
      sass
      sinatra
      slim

GIT
  remote: https://github.com/pooza/rubicure.git
  revision: 3fc3fcd5f8976c34203a07bce6b7063d2c488847
  branch: master.pooza
  specs:
    rubicure (2.0.0.0)
      activesupport (>= 5.0.0)
      hashie (>= 2.0.5)
      sengiri_yaml (>= 0.0.2)

GIT
  remote: https://github.com/pooza/rubocop-sequel.git
  revision: 5f0c8c5a115b9a3a9daba3dd58da0bb80415d16a
  branch: master.pooza
  specs:
    rubocop-sequel (0.1.0.2)
      rubocop (~> 1.0)

GIT
  remote: https://github.com/pooza/sidekiq-scheduler.git
  revision: 14c089124ebe99c59c0c66523e42f16560a7440a
  branch: master.pooza
  specs:
    sidekiq-scheduler (3.0.1)
      e2mmap
      redis (>= 3, < 5)
      rufus-scheduler (~> 3.2)
      sidekiq (>= 3)
      thwait
      tilt (>= 1.4.0)

GEM
  remote: https://rubygems.org/
  specs:
    activesupport (6.1.1)
      concurrent-ruby (~> 1.0, >= 1.0.2)
      i18n (>= 1.6, < 2)
      minitest (>= 5.1)
      tzinfo (~> 2.0)
      zeitwerk (~> 2.3)
    addressable (2.7.0)
      public_suffix (>= 2.0.2, < 5.0)
    ast (2.4.1)
    bootsnap (1.5.1)
      msgpack (~> 1.0)
    concurrent-ruby (1.1.8)
    connection_pool (2.2.3)
    crass (1.0.6)
    daemon-spawn (0.4.2)
    domain_name (0.5.20190701)
      unf (>= 0.0.5, < 1.0.0)
    e2mmap (0.1.0)
    et-orbi (1.2.4)
      tzinfo
    eventmachine (1.2.7)
    faye-websocket (0.11.0)
      eventmachine (>= 0.12.0)
      websocket-driver (>= 0.5.1)
    ffi (1.14.2)
    fugit (1.4.2)
      et-orbi (~> 1.1, >= 1.1.8)
      raabro (~> 1.4)
    hashie (4.1.0)
    http-accept (1.7.0)
    http-cookie (1.0.3)
      domain_name (~> 0.5)
    httparty (0.18.1)
      mime-types (~> 3.0)
      multi_xml (>= 0.5.2)
    i18n (1.8.7)
      concurrent-ruby (~> 1.0)
    json-schema (2.8.1)
      addressable (>= 2.4)
    mime-types (3.3.1)
      mime-types-data (~> 3.2015)
    mime-types-data (3.2020.1104)
    mini_portile2 (2.5.0)
    minitest (5.14.3)
    msgpack (1.3.3)
    multi_json (1.15.0)
    multi_xml (0.6.0)
    mustermann (1.1.1)
      ruby2_keywords (~> 0.0.1)
    natto (1.2.0)
      ffi (>= 1.9.0)
    netrc (0.11.0)
    nio4r (2.5.4)
    nokogiri (1.11.1)
      mini_portile2 (~> 2.5.0)
      racc (~> 1.4)
    nokogiri (1.11.1-x86_64-linux)
      racc (~> 1.4)
    nokogumbo (2.0.4)
      nokogiri (~> 1.8, >= 1.8.4)
    parallel (1.20.1)
    parser (3.0.0.0)
      ast (~> 2.4.1)
    pg (1.2.3)
    power_assert (1.2.0)
    public_suffix (4.0.6)
    puma (5.1.1)
      nio4r (~> 2.0)
    raabro (1.4.0)
    racc (1.5.2)
    rack (2.2.3)
    rack-protection (2.1.0)
      rack
    rack-test (1.1.0)
      rack (>= 1.0, < 3)
    rainbow (3.0.0)
    rake (13.0.3)
    rb-fsevent (0.10.4)
    rb-inotify (0.10.1)
      ffi (~> 1.0)
    redis (4.2.5)
    regexp_parser (2.0.3)
    rest-client (2.1.0)
      http-accept (>= 1.7.0, < 2.0)
      http-cookie (>= 1.0.2, < 2.0)
      mime-types (>= 1.16, < 4.0)
      netrc (~> 0.8)
    rexml (3.2.4)
    rubocop (1.8.1)
      parallel (~> 1.10)
      parser (>= 3.0.0.0)
      rainbow (>= 2.2.2, < 4.0)
      regexp_parser (>= 1.8, < 3.0)
      rexml
      rubocop-ast (>= 1.2.0, < 2.0)
      ruby-progressbar (~> 1.7)
      unicode-display_width (>= 1.4.0, < 3.0)
    rubocop-ast (1.4.0)
      parser (>= 2.7.1.5)
    rubocop-performance (1.9.2)
      rubocop (>= 0.90.0, < 2.0)
      rubocop-ast (>= 0.4.0)
    ruby-progressbar (1.11.0)
    ruby2_keywords (0.0.4)
    rufus-scheduler (3.7.0)
      fugit (~> 1.1, >= 1.1.6)
    sanitize (5.2.3)
      crass (~> 1.0.2)
      nokogiri (>= 1.8.0)
      nokogumbo (~> 2.0)
    sass (3.7.4)
      sass-listen (~> 4.0.0)
    sass-listen (4.0.0)
      rb-fsevent (~> 0.9, >= 0.9.4)
      rb-inotify (~> 0.9, >= 0.9.7)
    sengiri_yaml (0.0.3)
    sequel (5.40.0)
    sidekiq (6.1.3)
      connection_pool (>= 2.2.2)
      rack (~> 2.0)
      redis (>= 4.2.0)
    sidekiq-failures (1.0.0)
      sidekiq (>= 4.0.0)
    sinatra (2.1.0)
      mustermann (~> 1.0)
      rack (~> 2.2)
      rack-protection (= 2.1.0)
      tilt (~> 2.0)
    slim (4.1.0)
      temple (>= 0.7.6, < 0.9)
      tilt (>= 2.0.6, < 2.1)
    syslog-logger (1.6.8)
    temple (0.8.2)
    test-unit (3.3.9)
      power_assert
    thwait (0.2.0)
      e2mmap
    tilt (2.0.10)
    timecop (0.9.2)
    tzinfo (2.0.4)
      concurrent-ruby (~> 1.0)
    unf (0.1.4)
      unf_ext
    unf_ext (0.0.7.7)
    unicode (0.4.4.4)
    unicode-display_width (2.0.0)
    websocket-driver (0.7.3)
      websocket-extensions (>= 0.1.0)
    websocket-extensions (0.1.5)
    yajl-ruby (1.4.1)
    zeitwerk (2.4.2)

PLATFORMS
  ruby
  x86_64-freebsd-12
  x86_64-linux

DEPENDENCIES
  bootsnap
  faye-websocket
  ginseng-core!
  ginseng-fediverse!
  ginseng-postgres!
  ginseng-web!
  natto
  rack-test
  rubicure!
  rubocop
  rubocop-performance
  rubocop-sequel!
  sidekiq
  sidekiq-failures
  sidekiq-scheduler!
  test-unit
  timecop

RUBY VERSION
   ruby 3.0.0p0

BUNDLED WITH
   2.2.4
