GIT
  remote: https://github.com/pooza/faye-websocket-ruby.git
  revision: 0a0e46ab42c1d99984e0be94e514c32659371c58
  specs:
    faye-websocket (0.11.1)
      eventmachine (>= 0.12.0)
      websocket-driver (>= 0.5.1)

GIT
  remote: https://github.com/pooza/ginseng-core.git
  revision: 33378090068db7a854d9deaf909be805aad1fef0
  specs:
    ginseng-core (1.13.7)
      activesupport (>= 6.1.3.2)
      addressable (>= 2.8.0)
      bundler (~> 2.0)
      cgi (>= 0.3.1)
      daemon-spawn
      date (>= 3.2.1)
      erb
      etc
      facets
      fileutils (~> 1.6.0)
      find
      httparty
      json-schema
      mail
      multi_json
      net-protocol
      net-smtp
      nokogiri (>= 1.13.6)
      optparse
      rake
      rest-client
      sanitize
      securerandom
      set
      time
      yajl-ruby (>= 1.4.3)
      zeitwerk (>= 2.4.0)
      zlib

GIT
  remote: https://github.com/pooza/ginseng-fediverse.git
  revision: 9603f99750e96ce7b5d8e77f8a4617400b3957b8
  specs:
    ginseng-fediverse (1.8.4)

GIT
  remote: https://github.com/pooza/ginseng-postgres.git
  revision: 92a453b5cd3b061f3fc389af4e9d75ef1f8f0aa7
  specs:
    ginseng-postgres (1.3.15)
      pg
      sequel

GIT
  remote: https://github.com/pooza/ginseng-web.git
  revision: 9defca35256baea2ec908df0470c7b9ec8e026b8
  specs:
    ginseng-web (1.3.27)
      erb
      puma (>= 5.6.4)
      rack (>= 2.2.3.1)
      rss
      sassc
      sinatra
      slim
      webrick

GEM
  remote: https://rubygems.org/
  specs:
    actionpack (7.0.3)
      actionview (= 7.0.3)
      activesupport (= 7.0.3)
      rack (~> 2.0, >= 2.2.0)
      rack-test (>= 0.6.3)
      rails-dom-testing (~> 2.0)
      rails-html-sanitizer (~> 1.0, >= 1.2.0)
    actionview (7.0.3)
      activesupport (= 7.0.3)
      builder (~> 3.1)
      erubi (~> 1.4)
      rails-dom-testing (~> 2.0)
      rails-html-sanitizer (~> 1.1, >= 1.2.0)
    activesupport (7.0.3)
      concurrent-ruby (~> 1.0, >= 1.0.2)
      i18n (>= 1.6, < 2)
      minitest (>= 5.1)
      tzinfo (~> 2.0)
    addressable (2.8.0)
      public_suffix (>= 2.0.2, < 5.0)
    ast (2.4.2)
    bootsnap (1.12.0)
      msgpack (~> 1.2)
    builder (3.2.4)
    cgi (0.3.2)
    concurrent-ruby (1.1.10)
    connection_pool (2.2.5)
    crass (1.0.6)
    csv (3.2.3)
    daemon-spawn (0.4.2)
    date (3.2.2)
    digest (3.1.0)
    domain_name (0.5.20190701)
      unf (>= 0.0.5, < 1.0.0)
    e2mmap (0.1.0)
    erb (2.2.3)
      cgi
    erubi (1.10.0)
    et-orbi (1.2.7)
      tzinfo
    etc (1.3.0)
    eventmachine (1.2.7)
    facets (3.1.0)
    ffi (1.15.5)
    fileutils (1.6.0)
    find (0.1.1)
    fugit (1.5.3)
      et-orbi (~> 1, >= 1.2.7)
      raabro (~> 1.4)
    gli (2.21.0)
    http-accept (1.7.0)
    http-cookie (1.0.5)
      domain_name (~> 0.5)
    httparty (0.20.0)
      mime-types (~> 3.0)
      multi_xml (>= 0.5.2)
    i18n (1.10.0)
      concurrent-ruby (~> 1.0)
    json (2.6.2)
    json-schema (3.0.0)
      addressable (>= 2.8)
    loofah (2.18.0)
      crass (~> 1.0.2)
      nokogiri (>= 1.5.9)
    mail (2.7.1)
      mini_mime (>= 0.1.1)
    mime-types (3.4.1)
      mime-types-data (~> 3.2015)
    mime-types-data (3.2022.0105)
    mini_mime (1.1.2)
    mini_portile2 (2.8.0)
    minitest (5.16.0)
    msgpack (1.5.2)
    multi_json (1.15.0)
    multi_xml (0.6.0)
    mustermann (1.1.1)
      ruby2_keywords (~> 0.0.1)
    natto (1.2.0)
      ffi (>= 1.9.0)
    net-protocol (0.1.3)
      timeout
    net-smtp (0.3.1)
      digest
      net-protocol
      timeout
    netrc (0.11.0)
    nio4r (2.5.8)
    nokogiri (1.13.6)
      mini_portile2 (~> 2.8.0)
      racc (~> 1.4)
    nokogiri (1.13.6-x86_64-linux)
      racc (~> 1.4)
    optparse (0.2.0)
    parallel (1.22.1)
    parser (3.1.2.0)
      ast (~> 2.4.1)
    pg (1.3.5)
    power_assert (2.0.1)
    public_suffix (4.0.7)
    puma (5.6.4)
      nio4r (~> 2.0)
    raabro (1.4.0)
    racc (1.6.0)
    rack (2.2.3.1)
    rack-protection (2.2.0)
      rack
    rack-test (1.1.0)
      rack (>= 1.0, < 3)
    rails-dom-testing (2.0.3)
      activesupport (>= 4.2.0)
      nokogiri (>= 1.6)
    rails-erb-lint (1.2.2)
      actionpack (>= 4.0)
      gli (~> 2.1)
      json
      rainbow (>= 2.2.2, < 4.0)
    rails-html-sanitizer (1.4.2)
      loofah (~> 2.3)
    rainbow (3.1.1)
    rake (13.0.6)
    redis (4.5.1)
    regexp_parser (2.5.0)
    rest-client (2.1.0)
      http-accept (>= 1.7.0, < 2.0)
      http-cookie (>= 1.0.2, < 2.0)
      mime-types (>= 1.16, < 4.0)
      netrc (~> 0.8)
    rexml (3.2.5)
    ricecream (0.2.1)
    rss (0.2.9)
      rexml
    rubocop (1.30.1)
      parallel (~> 1.10)
      parser (>= 3.1.0.0)
      rainbow (>= 2.2.2, < 4.0)
      regexp_parser (>= 1.8, < 3.0)
      rexml (>= 3.2.5, < 4.0)
      rubocop-ast (>= 1.18.0, < 2.0)
      ruby-progressbar (~> 1.7)
      unicode-display_width (>= 1.4.0, < 3.0)
    rubocop-ast (1.18.0)
      parser (>= 3.1.1.0)
    rubocop-minitest (0.20.1)
      rubocop (>= 0.90, < 2.0)
    rubocop-performance (1.14.2)
      rubocop (>= 1.7.0, < 2.0)
      rubocop-ast (>= 0.4.0)
    rubocop-rake (0.6.0)
      rubocop (~> 1.0)
    rubocop-sequel (0.3.4)
      rubocop (~> 1.0)
    ruby-progressbar (1.11.0)
    ruby2_keywords (0.0.5)
    rufus-scheduler (3.8.1)
      fugit (~> 1.1, >= 1.1.6)
    sanitize (6.0.0)
      crass (~> 1.0.2)
      nokogiri (>= 1.12.0)
    sassc (2.4.0)
      ffi (~> 1.9)
    securerandom (0.2.0)
    sequel (5.56.0)
    set (1.0.2)
    sidekiq (6.4.2)
      connection_pool (>= 2.2.2)
      rack (~> 2.0)
      redis (>= 4.2.0)
    sidekiq-scheduler (3.1.1)
      e2mmap
      redis (>= 3, < 5)
      rufus-scheduler (~> 3.2)
      sidekiq (>= 3)
      thwait
      tilt (>= 1.4.0)
    sinatra (2.2.0)
      mustermann (~> 1.0)
      rack (~> 2.2)
      rack-protection (= 2.2.0)
      tilt (~> 2.0)
    slim (4.1.0)
      temple (>= 0.7.6, < 0.9)
      tilt (>= 2.0.6, < 2.1)
    temple (0.8.2)
    test-unit (3.5.3)
      power_assert
    thwait (0.2.0)
      e2mmap
    tilt (2.0.10)
    time (0.2.0)
      date
    timecop (0.9.5)
    timeout (0.3.0)
    tzinfo (2.0.4)
      concurrent-ruby (~> 1.0)
    unf (0.1.4)
      unf_ext
    unf_ext (0.0.8.2)
    unicode-display_width (2.1.0)
    webrick (1.7.0)
    websocket-driver (0.7.5)
      websocket-extensions (>= 0.1.0)
    websocket-extensions (0.1.5)
    yajl-ruby (1.4.3)
    zeitwerk (2.6.0)
    zlib (2.1.1)

PLATFORMS
  x86_64-freebsd-13
  x86_64-linux

DEPENDENCIES
  bootsnap (>= 1.9.0)
  csv
  faye-websocket!
  ginseng-core!
  ginseng-fediverse!
  ginseng-postgres!
  ginseng-web!
  natto
  rack-test
  rails-erb-lint
  redis (~> 4.5.0)
  ricecream
  rubocop
  rubocop-minitest
  rubocop-performance
  rubocop-rake
  rubocop-sequel
  sidekiq (~> 6.4.0)
  sidekiq-scheduler (~> 3.1.0)
  test-unit
  timecop

RUBY VERSION
   ruby 3.1.2p20

BUNDLED WITH
   2.3.14
