GIT
  remote: https://github.com/pooza/ginseng-core.git
  revision: 8bd905b3bf9215ee378d9567dced21abd61e8e71
  specs:
    ginseng-core (1.10.23)
      activesupport (>= 6.1.3.2)
      addressable
      bundler
      daemon-spawn
      date
      erb
      facets
      fileutils
      httparty
      json-schema
      mail
      multi_json
      net-protocol
      nokogiri (>= 1.11.4)
      rake
      rest-client
      sanitize
      time
      unicode
      yajl-ruby
      zeitwerk (>= 2.4.0)
      zlib

GIT
  remote: https://github.com/pooza/ginseng-fediverse.git
  revision: 789f84c330e199a96d804bffe238d064501a1a06
  specs:
    ginseng-fediverse (1.5.15)

GIT
  remote: https://github.com/pooza/ginseng-postgres.git
  revision: cb44ad48e2af490c328f47ea6f4323308304aed4
  specs:
    ginseng-postgres (1.3.8)
      pg
      sequel

GIT
  remote: https://github.com/pooza/ginseng-web.git
  revision: 1f4c2c3491675550b5b31589b248e223152ad009
  specs:
    ginseng-web (1.3.13)
      puma (>= 5.3.0)
      rss
      sassc
      sinatra
      slim
      uglifier

GEM
  remote: https://rubygems.org/
  specs:
    activesupport (6.1.3.2)
      concurrent-ruby (~> 1.0, >= 1.0.2)
      i18n (>= 1.6, < 2)
      minitest (>= 5.1)
      tzinfo (~> 2.0)
      zeitwerk (~> 2.3)
    addressable (2.7.0)
      public_suffix (>= 2.0.2, < 5.0)
    ast (2.4.2)
    bootsnap (1.7.5)
      msgpack (~> 1.0)
    cgi (0.2.0)
    concurrent-ruby (1.1.9)
    connection_pool (2.2.5)
    crass (1.0.6)
    daemon-spawn (0.4.2)
    date (3.1.1)
    domain_name (0.5.20190701)
      unf (>= 0.0.5, < 1.0.0)
    e2mmap (0.1.0)
    erb (2.2.3)
      cgi
    et-orbi (1.2.4)
      tzinfo
    eventmachine (1.2.7)
    execjs (2.8.1)
    facets (3.1.0)
    faye-websocket (0.11.1)
      eventmachine (>= 0.12.0)
      websocket-driver (>= 0.5.1)
    ffi (1.15.3)
    fileutils (1.5.0)
    fugit (1.5.0)
      et-orbi (~> 1.1, >= 1.1.8)
      raabro (~> 1.4)
    http-accept (1.7.0)
    http-cookie (1.0.4)
      domain_name (~> 0.5)
    httparty (0.18.1)
      mime-types (~> 3.0)
      multi_xml (>= 0.5.2)
    i18n (1.8.10)
      concurrent-ruby (~> 1.0)
    io-wait (0.1.0)
    json-schema (2.8.1)
      addressable (>= 2.4)
    mail (2.7.1)
      mini_mime (>= 0.1.1)
    mime-types (3.3.1)
      mime-types-data (~> 3.2015)
    mime-types-data (3.2021.0225)
    mini_mime (1.1.0)
    mini_portile2 (2.5.3)
    minitest (5.14.4)
    msgpack (1.4.2)
    multi_json (1.15.0)
    multi_xml (0.6.0)
    mustermann (1.1.1)
      ruby2_keywords (~> 0.0.1)
    natto (1.2.0)
      ffi (>= 1.9.0)
    net-protocol (0.1.1)
      io-wait
      timeout
    netrc (0.11.0)
    nio4r (2.5.7)
    nokogiri (1.11.7)
      mini_portile2 (~> 2.5.0)
      racc (~> 1.4)
    nokogiri (1.11.7-x86_64-linux)
      racc (~> 1.4)
    nokogumbo (2.0.5)
      nokogiri (~> 1.8, >= 1.8.4)
    parallel (1.20.1)
    parser (3.0.1.1)
      ast (~> 2.4.1)
    pg (1.2.3)
    power_assert (2.0.0)
    public_suffix (4.0.6)
    puma (5.3.2)
      nio4r (~> 2.0)
    raabro (1.4.0)
    racc (1.5.2)
    rack (2.2.3)
    rack-protection (2.1.0)
      rack
    rack-test (1.1.0)
      rack (>= 1.0, < 3)
    rainbow (3.0.0)
    rake (13.0.3)
    redis (4.3.1)
    regexp_parser (2.1.1)
    rest-client (2.1.0)
      http-accept (>= 1.7.0, < 2.0)
      http-cookie (>= 1.0.2, < 2.0)
      mime-types (>= 1.16, < 4.0)
      netrc (~> 0.8)
    rexml (3.2.5)
    ricecream (0.2.0)
    rss (0.2.9)
      rexml
    rubocop (1.17.0)
      parallel (~> 1.10)
      parser (>= 3.0.0.0)
      rainbow (>= 2.2.2, < 4.0)
      regexp_parser (>= 1.8, < 3.0)
      rexml
      rubocop-ast (>= 1.7.0, < 2.0)
      ruby-progressbar (~> 1.7)
      unicode-display_width (>= 1.4.0, < 3.0)
    rubocop-ast (1.7.0)
      parser (>= 3.0.1.1)
    rubocop-performance (1.11.3)
      rubocop (>= 1.7.0, < 2.0)
      rubocop-ast (>= 0.4.0)
    rubocop-rake (0.5.1)
      rubocop
    rubocop-sequel (0.2.0)
      rubocop (~> 1.0)
    ruby-progressbar (1.11.0)
    ruby2_keywords (0.0.4)
    rufus-scheduler (3.7.0)
      fugit (~> 1.1, >= 1.1.6)
    sanitize (5.2.3)
      crass (~> 1.0.2)
      nokogiri (>= 1.8.0)
      nokogumbo (~> 2.0)
    sassc (2.4.0)
      ffi (~> 1.9)
    sequel (5.45.0)
    sidekiq (6.2.1)
      connection_pool (>= 2.2.2)
      rack (~> 2.0)
      redis (>= 4.2.0)
    sidekiq-failures (1.0.0)
      sidekiq (>= 4.0.0)
    sidekiq-scheduler (3.1.0)
      e2mmap
      redis (>= 3, < 5)
      rufus-scheduler (~> 3.2)
      sidekiq (>= 3)
      thwait
      tilt (>= 1.4.0)
    sinatra (2.1.0)
      mustermann (~> 1.0)
      rack (~> 2.2)
      rack-protection (= 2.1.0)
      tilt (~> 2.0)
    slim (4.1.0)
      temple (>= 0.7.6, < 0.9)
      tilt (>= 2.0.6, < 2.1)
    temple (0.8.2)
    test-unit (3.4.4)
      power_assert
    thwait (0.2.0)
      e2mmap
    tilt (2.0.10)
    time (0.1.0)
    timecop (0.9.4)
    timeout (0.1.1)
    tzinfo (2.0.4)
      concurrent-ruby (~> 1.0)
    uglifier (4.2.0)
      execjs (>= 0.3.0, < 3)
    unf (0.1.4)
      unf_ext
    unf_ext (0.0.7.7)
    unicode (0.4.4.4)
    unicode-display_width (2.0.0)
    websocket-driver (0.7.5)
      websocket-extensions (>= 0.1.0)
    websocket-extensions (0.1.5)
    yajl-ruby (1.4.1)
    zeitwerk (2.4.2)
    zlib (1.1.0)

PLATFORMS
  x86_64-freebsd-12
  x86_64-linux

DEPENDENCIES
  bootsnap (>= 1.7.0)
  faye-websocket
  ginseng-core!
  ginseng-fediverse!
  ginseng-postgres!
  ginseng-web!
  natto
  rack-test
  ricecream
  rubocop
  rubocop-performance
  rubocop-rake
  rubocop-sequel
  sidekiq (~> 6.2.0)
  sidekiq-failures
  sidekiq-scheduler
  test-unit
  timecop

RUBY VERSION
   ruby 3.0.1p64

BUNDLED WITH
   2.2.19
