GIT
  remote: https://github.com/pooza/ginseng-core.git
  revision: 7ae176f553b03c75c18536bfef77d96d20b884a0
  specs:
    ginseng-core (1.11.2)
      activesupport (>= 6.1.3.2)
      addressable (>= 2.8.0)
      bundler
      daemon-spawn
      date
      erb
      facets
      fileutils
      find
      httparty
      json-schema
      mail
      multi_json
      net-protocol
      nokogiri (>= 1.12.1)
      optparse
      rake
      rest-client
      sanitize
      securerandom
      set
      time
      unicode
      yajl-ruby
      zeitwerk (>= 2.4.0)
      zlib

GIT
  remote: https://github.com/pooza/ginseng-fediverse.git
  revision: 766a90b564a2806ab8b64e2b4404b0b9d4fd8a05
  specs:
    ginseng-fediverse (1.6.0)

GIT
  remote: https://github.com/pooza/ginseng-postgres.git
  revision: bfde131f9ef7e199f006ee3c1e185041f433d916
  specs:
    ginseng-postgres (1.3.9)
      pg
      sequel

GIT
  remote: https://github.com/pooza/ginseng-web.git
  revision: ae5a12bd6c1e3bb8365f4962a1a6614d841f0bad
  specs:
    ginseng-web (1.3.15)
      erb
      puma (>= 5.3.0)
      rss
      sassc
      sinatra
      slim

GEM
  remote: https://rubygems.org/
  specs:
    activesupport (6.1.4.1)
      concurrent-ruby (~> 1.0, >= 1.0.2)
      i18n (>= 1.6, < 2)
      minitest (>= 5.1)
      tzinfo (~> 2.0)
      zeitwerk (~> 2.3)
    addressable (2.8.0)
      public_suffix (>= 2.0.2, < 5.0)
    ast (2.4.2)
    bootsnap (1.9.1)
      msgpack (~> 1.0)
    cgi (0.2.0)
    concurrent-ruby (1.1.9)
    connection_pool (2.2.5)
    crass (1.0.6)
    csv (3.2.0)
    daemon-spawn (0.4.2)
    date (3.1.1)
    domain_name (0.5.20190701)
      unf (>= 0.0.5, < 1.0.0)
    e2mmap (0.1.0)
    erb (2.2.3)
      cgi
    et-orbi (1.2.5)
      tzinfo
    eventmachine (1.2.7)
    facets (3.1.0)
    faye-websocket (0.11.1)
      eventmachine (>= 0.12.0)
      websocket-driver (>= 0.5.1)
    ffi (1.15.4)
    fileutils (1.5.0)
    find (0.1.0)
    fugit (1.5.2)
      et-orbi (~> 1.1, >= 1.1.8)
      raabro (~> 1.4)
    http-accept (1.7.0)
    http-cookie (1.0.4)
      domain_name (~> 0.5)
    httparty (0.19.0)
      mime-types (~> 3.0)
      multi_xml (>= 0.5.2)
    i18n (1.8.10)
      concurrent-ruby (~> 1.0)
    io-wait (0.1.0)
    json-schema (2.8.1)
      addressable (>= 2.4)
    mail (2.7.1)
      mini_mime (>= 0.1.1)
    mime-types (3.3.1)
      mime-types-data (~> 3.2015)
    mime-types-data (3.2021.0901)
    mini_mime (1.1.1)
    mini_portile2 (2.6.1)
    minitest (5.14.4)
    msgpack (1.4.2)
    multi_json (1.15.0)
    multi_xml (0.6.0)
    mustermann (1.1.1)
      ruby2_keywords (~> 0.0.1)
    natto (1.2.0)
      ffi (>= 1.9.0)
    net-protocol (0.1.1)
      io-wait
      timeout
    netrc (0.11.0)
    nio4r (2.5.8)
    nokogiri (1.12.4)
      mini_portile2 (~> 2.6.1)
      racc (~> 1.4)
    nokogiri (1.12.4-x86_64-linux)
      racc (~> 1.4)
    optparse (0.1.1)
    parallel (1.21.0)
    parser (3.0.2.0)
      ast (~> 2.4.1)
    pg (1.2.3)
    power_assert (2.0.1)
    public_suffix (4.0.6)
    puma (5.5.0)
      nio4r (~> 2.0)
    raabro (1.4.0)
    racc (1.5.2)
    rack (2.2.3)
    rack-protection (2.1.0)
      rack
    rack-test (1.1.0)
      rack (>= 1.0, < 3)
    rainbow (3.0.0)
    rake (13.0.6)
    redis (4.4.0)
    regexp_parser (2.1.1)
    rest-client (2.1.0)
      http-accept (>= 1.7.0, < 2.0)
      http-cookie (>= 1.0.2, < 2.0)
      mime-types (>= 1.16, < 4.0)
      netrc (~> 0.8)
    rexml (3.2.5)
    ricecream (0.2.0)
    rss (0.2.9)
      rexml
    rubocop (1.21.0)
      parallel (~> 1.10)
      parser (>= 3.0.0.0)
      rainbow (>= 2.2.2, < 4.0)
      regexp_parser (>= 1.8, < 3.0)
      rexml
      rubocop-ast (>= 1.9.1, < 2.0)
      ruby-progressbar (~> 1.7)
      unicode-display_width (>= 1.4.0, < 3.0)
    rubocop-ast (1.11.0)
      parser (>= 3.0.1.1)
    rubocop-performance (1.11.5)
      rubocop (>= 1.7.0, < 2.0)
      rubocop-ast (>= 0.4.0)
    rubocop-rake (0.6.0)
      rubocop (~> 1.0)
    rubocop-sequel (0.3.3)
      rubocop (~> 1.0)
    ruby-progressbar (1.11.0)
    ruby2_keywords (0.0.5)
    rufus-scheduler (3.8.0)
      fugit (~> 1.1, >= 1.1.6)
    sanitize (6.0.0)
      crass (~> 1.0.2)
      nokogiri (>= 1.12.0)
    sassc (2.4.0)
      ffi (~> 1.9)
    securerandom (0.1.0)
    sequel (5.48.0)
    set (1.0.1)
    sidekiq (6.2.2)
      connection_pool (>= 2.2.2)
      rack (~> 2.0)
      redis (>= 4.2.0)
    sidekiq-scheduler (3.1.0)
      e2mmap
      redis (>= 3, < 5)
      rufus-scheduler (~> 3.2)
      sidekiq (>= 3)
      thwait
      tilt (>= 1.4.0)
    sinatra (2.1.0)
      mustermann (~> 1.0)
      rack (~> 2.2)
      rack-protection (= 2.1.0)
      tilt (~> 2.0)
    slim (4.1.0)
      temple (>= 0.7.6, < 0.9)
      tilt (>= 2.0.6, < 2.1)
    temple (0.8.2)
    test-unit (3.4.7)
      power_assert
    thwait (0.2.0)
      e2mmap
    tilt (2.0.10)
    time (0.1.0)
      date
    timecop (0.9.4)
    timeout (0.1.1)
    tzinfo (2.0.4)
      concurrent-ruby (~> 1.0)
    unf (0.1.4)
      unf_ext
    unf_ext (0.0.8)
    unicode (0.4.4.4)
    unicode-display_width (2.1.0)
    websocket-driver (0.7.5)
      websocket-extensions (>= 0.1.0)
    websocket-extensions (0.1.5)
    yajl-ruby (1.4.1)
    zeitwerk (2.4.2)
    zlib (1.1.0)

PLATFORMS
  x86_64-freebsd-12
  x86_64-freebsd-13
  x86_64-linux

DEPENDENCIES
  bootsnap (>= 1.9.0)
  csv
  faye-websocket
  ginseng-core!
  ginseng-fediverse!
  ginseng-postgres!
  ginseng-web!
  natto
  rack-test
  ricecream
  rubocop
  rubocop-performance
  rubocop-rake
  rubocop-sequel
  sidekiq (~> 6.2.0)
  sidekiq-scheduler
  test-unit
  timecop

RUBY VERSION
   ruby 3.0.2p107

BUNDLED WITH
   2.2.27
